PATH
  remote: .
  specs:
    jishan_fast_track_gem (0.1.0)
      colorize (~> 0.8.1)

GEM
  remote: https://rubygems.org/
  specs:
    colorize (0.8.1)
    rake (12.3.3)

PLATFORMS
  ruby

DEPENDENCIES
  jishan_fast_track_gem!
  rake (~> 12.0)

BUNDLED WITH
   2.1.4
