PATH
  remote: .
  specs:
    jishan_fast_track_gem (0.1.2)
      colorize (~> 0.8.1)

GEM
  remote: https://rubygems.org/
  specs:
    colorize (0.8.1)
    equatable (0.6.1)
    gemoji (3.0.1)
    highline (2.0.3)
    little-plugger (1.1.4)
    logging (2.2.2)
      little-plugger (~> 1.1)
      multi_json (~> 1.10)
    multi_json (1.14.1)
    necromancer (0.5.1)
    options (2.3.2)
    pastel (0.7.3)
      equatable (~> 0.6)
      tty-color (~> 0.5)
    progress_bar (1.3.1)
      highline (>= 1.6, < 3)
      options (~> 2.3.0)
    rake (12.3.3)
    tty-color (0.5.1)
    tty-cursor (0.7.1)
    tty-prompt (0.21.0)
      necromancer (~> 0.5.0)
      pastel (~> 0.7.0)
      tty-reader (~> 0.7.0)
    tty-reader (0.7.0)
      tty-cursor (~> 0.7)
      tty-screen (~> 0.7)
      wisper (~> 2.0.0)
    tty-screen (0.7.1)
    wisper (2.0.1)

PLATFORMS
  ruby

DEPENDENCIES
  colorize (~> 0.8.1)
  gemoji
  jishan_fast_track_gem!
  logging
  progress_bar
  rake (~> 12.0)
  tty-prompt

BUNDLED WITH
   2.1.4
