PATH
  remote: .
  specs:
    jishan_fast_track_gem (0.1.20)
      colorize (~> 0.8.1)

GEM
  remote: https://rubygems.org/
  specs:
    colorize (0.8.1)
    diff-lcs (1.3)
    gemoji (3.0.1)
    rake (12.3.3)
    rspec (3.0.0)
      rspec-core (~> 3.0.0)
      rspec-expectations (~> 3.0.0)
      rspec-mocks (~> 3.0.0)
    rspec-core (3.0.4)
      rspec-support (~> 3.0.0)
    rspec-expectations (3.0.4)
      diff-lcs (>= 1.2.0, < 2.0)
      rspec-support (~> 3.0.0)
    rspec-mocks (3.0.4)
      rspec-support (~> 3.0.0)
    rspec-support (3.0.4)
    table_print (1.5.6)

PLATFORMS
  ruby

DEPENDENCIES
  colorize (~> 0.8.1)
  gemoji
  jishan_fast_track_gem!
  rake (~> 12.0)
  rspec (~> 3.0.0)
  table_print

BUNDLED WITH
   2.1.4
